GEM
  remote: https://rubygems.org/
  specs:
    taglib-ruby (0.4.0)

PLATFORMS
  ruby

DEPENDENCIES
  taglib-ruby (~> 0.4)
