GEM
  remote: https://rubygems.org/
  specs:
    addressable (2.3.8)
    nokogiri (1.5.11)
    peach (0.5.1)
    taglib-ruby (0.4.0)

PLATFORMS
  ruby

DEPENDENCIES
  addressable
  nokogiri (~> 1.5)
  peach
  taglib-ruby (~> 0.4)
